PATH
  remote: .
  specs:
    ruby_games (0.1.0)
      ruby2d

GEM
  remote: https://rubygems.org/
  specs:
    rake (13.0.6)
    ruby2d (0.11.3)

PLATFORMS
  ruby

DEPENDENCIES
  bundler
  rake
  ruby_games!

BUNDLED WITH
   2.3.22
