PATH
  remote: .
  specs:
    ruby_games (0.1.0)
      ruby2d

GEM
  remote: https://rubygems.org/
  specs:
    rake (10.5.0)
    ruby2d (0.11.3)

PLATFORMS
  ruby

DEPENDENCIES
  bundler (~> 1.16)
  rake (~> 10.0)
  ruby_games!

BUNDLED WITH
   1.16.1
